PATH
  remote: .
  specs:
    flows (0.3.0)

GEM
  remote: https://rubygems.org/
  specs:
    ast (2.4.0)
    awesome_print (1.8.0)
    axiom-types (0.1.1)
      descendants_tracker (~> 0.0.4)
      ice_nine (~> 0.11.0)
      thread_safe (~> 0.3, >= 0.3.1)
    backports (3.15.0)
    benchmark-ips (2.7.2)
    codeclimate-engine-rb (0.4.1)
      virtus (~> 1.0)
    codecov (0.1.15)
      json
      simplecov
      url
    coderay (1.1.2)
    coercible (1.0.0)
      descendants_tracker (~> 0.0.1)
    concurrent-ruby (1.1.5)
    crass (1.0.5)
    declarative (0.0.10)
    declarative-option (0.1.0)
    descendants_tracker (0.0.4)
      thread_safe (~> 0.3, >= 0.3.1)
    diff-lcs (1.3)
    docile (1.3.2)
    dry-configurable (0.8.3)
      concurrent-ruby (~> 1.0)
      dry-core (~> 0.4, >= 0.4.7)
    dry-container (0.7.2)
      concurrent-ruby (~> 1.0)
      dry-configurable (~> 0.1, >= 0.1.3)
    dry-core (0.4.9)
      concurrent-ruby (~> 1.0)
    dry-equalizer (0.2.2)
    dry-events (0.2.0)
      concurrent-ruby (~> 1.0)
      dry-core (~> 0.4)
      dry-equalizer (~> 0.2)
    dry-matcher (0.8.2)
      dry-core (>= 0.4.8)
    dry-monads (1.3.1)
      concurrent-ruby (~> 1.0)
      dry-core (~> 0.4, >= 0.4.4)
      dry-equalizer
    dry-transaction (0.13.0)
      dry-container (>= 0.2.8)
      dry-events (>= 0.1.0)
      dry-matcher (>= 0.7.0)
      dry-monads (>= 0.4.0)
    equalizer (0.0.11)
    equatable (0.6.1)
    ffi (1.11.1)
    ffi-hunspell (0.4.0)
      ffi (~> 1.0)
    forspell (0.0.8)
      backports (~> 3.0)
      ffi-hunspell
      highline
      kramdown (~> 2.0)
      kramdown-parser-gfm (~> 1.0)
      parser
      pastel
      ruby-progressbar
      sanitize (~> 5.0)
      slop (~> 4.6)
      yard
    highline (2.0.3)
    ice_nine (0.11.2)
    jaro_winkler (1.5.3)
    json (2.2.0)
    kramdown (2.1.0)
    kramdown-parser-gfm (1.1.0)
      kramdown (~> 2.0)
    kwalify (0.7.2)
    mdl (0.7.0)
      kramdown (~> 2.0)
      kramdown-parser-gfm (~> 1.0)
      mixlib-cli (~> 2.1, >= 2.1.1)
      mixlib-config (>= 2.2.1, < 4)
    method_source (0.9.2)
    mini_portile2 (2.4.0)
    mixlib-cli (2.1.1)
    mixlib-config (3.0.1)
      tomlrb
    nokogiri (1.10.4)
      mini_portile2 (~> 2.4.0)
    nokogumbo (2.0.1)
      nokogiri (~> 1.8, >= 1.8.4)
    parallel (1.18.0)
    parser (2.6.5.0)
      ast (~> 2.4.0)
    pastel (0.7.3)
      equatable (~> 0.6)
      tty-color (~> 0.5)
    pry (0.12.2)
      coderay (~> 1.1.0)
      method_source (~> 0.9.0)
    psych (3.1.0)
    rainbow (3.0.0)
    rake (13.0.1)
    reek (5.4.0)
      codeclimate-engine-rb (~> 0.4.0)
      kwalify (~> 0.7.0)
      parser (>= 2.5.0.0, < 2.7, != 2.5.1.1)
      psych (~> 3.1.0)
      rainbow (>= 2.0, < 4.0)
    representable (3.0.4)
      declarative (< 0.1.0)
      declarative-option (< 0.2.0)
      uber (< 0.2.0)
    rspec (3.9.0)
      rspec-core (~> 3.9.0)
      rspec-expectations (~> 3.9.0)
      rspec-mocks (~> 3.9.0)
    rspec-core (3.9.0)
      rspec-support (~> 3.9.0)
    rspec-expectations (3.9.0)
      diff-lcs (>= 1.2.0, < 2.0)
      rspec-support (~> 3.9.0)
    rspec-mocks (3.9.0)
      diff-lcs (>= 1.2.0, < 2.0)
      rspec-support (~> 3.9.0)
    rspec-support (3.9.0)
    rubocop (0.75.1)
      jaro_winkler (~> 1.5.1)
      parallel (~> 1.10)
      parser (>= 2.6)
      rainbow (>= 2.2.2, < 4.0)
      ruby-progressbar (~> 1.7)
      unicode-display_width (>= 1.4.0, < 1.7)
    rubocop-md (0.3.0)
      rubocop (~> 0.60)
    rubocop-performance (1.5.0)
      rubocop (>= 0.71.0)
    rubocop-rspec (1.36.0)
      rubocop (>= 0.68.1)
    ruby-prof (1.0.0)
    ruby-progressbar (1.10.1)
    sanitize (5.1.0)
      crass (~> 1.0.2)
      nokogiri (>= 1.8.0)
      nokogumbo (~> 2.0)
    simplecov (0.17.1)
      docile (~> 1.1)
      json (>= 1.8, < 3)
      simplecov-html (~> 0.10.0)
    simplecov-html (0.10.2)
    slop (4.7.0)
    stackprof (0.2.13)
    thread_safe (0.3.6)
    tomlrb (1.2.8)
    trailblazer-activity (0.10.0)
      trailblazer-context (>= 0.2.0, < 0.3.0)
    trailblazer-activity-dsl-linear (0.2.1)
      trailblazer-activity (>= 0.9.1, < 1.0.0)
    trailblazer-context (0.2.0)
    trailblazer-developer (0.0.8)
      representable
      trailblazer-activity (>= 0.10.0, < 1.0.0)
      trailblazer-activity-dsl-linear
    trailblazer-operation (0.6.0)
      trailblazer-activity (>= 0.10.0, < 1.0.0)
      trailblazer-activity-dsl-linear (>= 0.2.1, < 1.0.0)
      trailblazer-developer (>= 0.0.8)
    tty-color (0.5.0)
    uber (0.1.0)
    unicode-display_width (1.6.0)
    url (0.3.2)
    virtus (1.0.5)
      axiom-types (~> 0.1)
      coercible (~> 1.0)
      descendants_tracker (~> 0.0, >= 0.0.3)
      equalizer (~> 0.0, >= 0.0.9)
    yard (0.9.20)

PLATFORMS
  ruby

DEPENDENCIES
  awesome_print
  benchmark-ips
  bundler (~> 2.0)
  codecov
  dry-transaction
  flows!
  forspell (~> 0.0.8)
  mdl
  pry
  rake (~> 13.0)
  reek
  rspec (~> 3.0)
  rubocop
  rubocop-md
  rubocop-performance
  rubocop-rspec
  ruby-prof
  simplecov
  stackprof
  trailblazer-operation

BUNDLED WITH
   2.0.2
